GEM
  remote: https://rubygems.org/
  specs:
    faraday (0.8.8)
      multipart-post (~> 1.2.0)
    multi_json (1.8.1)
    multipart-post (1.2.0)
    settingslogic (2.0.9)
    thor (0.18.1)

PLATFORMS
  ruby

DEPENDENCIES
  faraday
  multi_json
  settingslogic
  thor
