GEM
  remote: https://rubygems.org/
  specs:
    settingslogic (2.0.9)
    thor (0.18.1)

PLATFORMS
  ruby

DEPENDENCIES
  settingslogic
  thor
