PATH
  remote: .
  specs:
    podding-cli (0.0.1)
      miniphonic
      settingslogic
      thor

GEM
  remote: https://rubygems.org/
  specs:
    faraday (0.8.8)
      multipart-post (~> 1.2.0)
    faraday_middleware (0.9.0)
      faraday (>= 0.7.4, < 0.9)
    mime-types (1.25)
    miniphonic (0.1.2)
      faraday
      faraday_middleware
      mime-types
      multi_json
    multi_json (1.8.2)
    multipart-post (1.2.0)
    rake (10.1.0)
    settingslogic (2.0.9)
    thor (0.18.1)

PLATFORMS
  ruby

DEPENDENCIES
  bundler (~> 1.3)
  podding-cli!
  rake
